PATH
  remote: .
  specs:
    impression (0.1)
      polyphony (~> 0.51.0)
      tipi (~> 0.37)

GEM
  remote: https://rubygems.org/
  specs:
    ansi (1.5.0)
    builder (3.2.4)
    docile (1.3.5)
    escape_utils (1.2.1)
    http-2 (0.10.2)
    http_parser.rb (0.6.0)
    json (2.5.1)
    minitest (5.11.3)
    minitest-reporters (1.4.3)
      ansi
      builder
      minitest (>= 5.0)
      ruby-progressbar
    msgpack (1.4.2)
    polyphony (0.51.0)
    qeweney (0.5)
      escape_utils (~> 1.2.1)
    rack (2.2.3)
    rake (12.3.3)
    ruby-progressbar (1.11.0)
    simplecov (0.17.1)
      docile (~> 1.1)
      json (>= 1.8, < 3)
      simplecov-html (~> 0.10.0)
    simplecov-html (0.10.2)
    tipi (0.37)
      http-2 (~> 0.10.0)
      http_parser.rb (~> 0.6.0)
      msgpack (~> 1.4.2)
      polyphony (~> 0.51.0)
      qeweney (~> 0.5)
      rack (>= 2.0.8, < 2.3.0)
      websocket (~> 1.2.8)
    websocket (1.2.9)

PLATFORMS
  ruby

DEPENDENCIES
  impression!
  minitest (~> 5.11.3)
  minitest-reporters (~> 1.4.2)
  rake (~> 12.3.3)
  simplecov (~> 0.17.1)

BUNDLED WITH
   2.1.4
