PATH
  remote: .
  specs:
    impression (0.17)
      papercraft (~> 1.4)
      qeweney (~> 0.21)

GEM
  remote: https://rubygems.org/
  specs:
    docile (1.4.1)
    escape_utils (1.3.0)
    kramdown (2.5.1)
      rexml (>= 3.3.9)
    kramdown-parser-gfm (1.1.0)
      kramdown (~> 2.0)
    minitest (5.25.4)
    modulation (1.2)
    papercraft (1.4)
      escape_utils (~> 1.3.0)
      kramdown (~> 2.5.1)
      kramdown-parser-gfm (~> 1.1.0)
      rouge (~> 4.5.1)
      sirop (~> 0.5)
    prism (0.27.0)
    qeweney (0.21)
      escape_utils (= 1.3.0)
    rake (13.2.1)
    rexml (3.4.0)
    rouge (4.5.1)
    simplecov (0.22.0)
      docile (~> 1.1)
      simplecov-html (~> 0.11)
      simplecov_json_formatter (~> 0.1)
    simplecov-html (0.13.1)
    simplecov_json_formatter (0.1.4)
    sirop (0.5)
      prism (~> 0.27.0)

PLATFORMS
  ruby
  x86_64-linux

DEPENDENCIES
  impression!
  minitest (~> 5.25.4)
  modulation (~> 1.2)
  rake (~> 13.2.1)
  simplecov (~> 0.22.0)

BUNDLED WITH
   2.5.22
