PATH
  remote: .
  specs:
    impression (0.14)
      modulation (~> 1.1)
      papercraft (~> 0.23)
      qeweney (~> 0.18)

GEM
  remote: https://rubygems.org/
  specs:
    docile (1.4.1)
    escape_utils (1.2.2)
    json (2.8.2)
    kramdown (2.3.2)
      rexml
    kramdown-parser-gfm (1.1.0)
      kramdown (~> 2.0)
    minitest (5.11.3)
    modulation (1.2)
    papercraft (0.29)
      escape_utils (~> 1.2.1)
      kramdown (~> 2.3.1)
      kramdown-parser-gfm (~> 1.1.0)
      rouge (~> 3.27.0)
    qeweney (0.18)
      escape_utils (~> 1.2.1)
    rake (12.3.3)
    rexml (3.3.9)
    rouge (3.27.0)
    simplecov (0.17.1)
      docile (~> 1.1)
      json (>= 1.8, < 3)
      simplecov-html (~> 0.10.0)
    simplecov-html (0.10.2)

PLATFORMS
  ruby

DEPENDENCIES
  impression!
  minitest (~> 5.11.3)
  rake (~> 12.3.3)
  simplecov (~> 0.17.1)

BUNDLED WITH
   2.3.3
