PATH
  remote: ../polyphony
  specs:
    polyphony (0.71)

PATH
  remote: ../qeweney
  specs:
    qeweney (0.14)
      escape_utils (~> 1.2.1)

PATH
  remote: ../tipi
  specs:
    tipi (0.44)
      acme-client (~> 2.0.8)
      ever (~> 0.1)
      extralite (~> 1.2)
      h1p (~> 0.2)
      http-2 (~> 0.11)
      localhost (~> 1.1.4)
      msgpack (~> 1.4.2)
      polyphony (~> 0.71)
      qeweney (~> 0.14)
      rack (>= 2.0.8, < 2.3.0)
      websocket (~> 1.2.8)

PATH
  remote: .
  specs:
    impression (0.1)
      kramdown (~> 2.3.0)
      kramdown-parser-gfm (~> 1.1.0)
      polyphony (~> 0.67)
      qeweney (~> 0.14)
      rb-inotify (~> 0.10.1)
      rouge (~> 3.26.0)
      rubyoshka (~> 0.7.0)
      tipi (~> 0.41)

GEM
  remote: https://rubygems.org/
  specs:
    acme-client (2.0.9)
      faraday (>= 0.17, < 2.0.0)
    docile (1.3.5)
    escape_utils (1.2.1)
    ever (0.1)
    extralite (1.4)
    faraday (1.8.0)
      faraday-em_http (~> 1.0)
      faraday-em_synchrony (~> 1.0)
      faraday-excon (~> 1.1)
      faraday-httpclient (~> 1.0.1)
      faraday-net_http (~> 1.0)
      faraday-net_http_persistent (~> 1.1)
      faraday-patron (~> 1.0)
      faraday-rack (~> 1.0)
      multipart-post (>= 1.2, < 3)
      ruby2_keywords (>= 0.0.4)
    faraday-em_http (1.0.0)
    faraday-em_synchrony (1.0.0)
    faraday-excon (1.1.0)
    faraday-httpclient (1.0.1)
    faraday-net_http (1.0.1)
    faraday-net_http_persistent (1.2.0)
    faraday-patron (1.0.0)
    faraday-rack (1.0.0)
    ffi (1.15.4)
    h1p (0.2)
    http-2 (0.11.0)
    json (2.5.1)
    kramdown (2.3.1)
      rexml
    kramdown-parser-gfm (1.1.0)
      kramdown (~> 2.0)
    localhost (1.1.9)
    minitest (5.11.3)
    msgpack (1.4.2)
    multipart-post (2.1.1)
    rack (2.2.3)
    rake (12.3.3)
    rb-inotify (0.10.1)
      ffi (~> 1.0)
    rexml (3.2.5)
    rouge (3.26.1)
    ruby2_keywords (0.0.5)
    rubyoshka (0.7)
      escape_utils (= 1.2.1)
    simplecov (0.17.1)
      docile (~> 1.1)
      json (>= 1.8, < 3)
      simplecov-html (~> 0.10.0)
    simplecov-html (0.10.2)
    websocket (1.2.9)

PLATFORMS
  ruby

DEPENDENCIES
  impression!
  minitest (~> 5.11.3)
  polyphony!
  qeweney!
  rake (~> 12.3.3)
  simplecov (~> 0.17.1)
  tipi!

BUNDLED WITH
   2.1.4
